PATH
  remote: .
  specs:
    superset_client (0.1.0)
      faraday (~> 2.0)
      faraday-cookie_jar (~> 0.0.7)

GEM
  remote: https://rubygems.org/
  specs:
    diff-lcs (1.5.1)
    domain_name (0.6.20240107)
    faraday (2.12.0)
      faraday-net_http (>= 2.0, < 3.4)
      json
      logger
    faraday-cookie_jar (0.0.7)
      faraday (>= 0.8.0)
      http-cookie (~> 1.0.0)
    faraday-net_http (3.3.0)
      net-http
    http-cookie (1.0.7)
      domain_name (~> 0.5)
    json (2.7.2)
    logger (1.6.1)
    net-http (0.4.1)
      uri
    rake (13.2.1)
    rspec (3.13.0)
      rspec-core (~> 3.13.0)
      rspec-expectations (~> 3.13.0)
      rspec-mocks (~> 3.13.0)
    rspec-core (3.13.2)
      rspec-support (~> 3.13.0)
    rspec-expectations (3.13.3)
      diff-lcs (>= 1.2.0, < 2.0)
      rspec-support (~> 3.13.0)
    rspec-mocks (3.13.2)
      diff-lcs (>= 1.2.0, < 2.0)
      rspec-support (~> 3.13.0)
    rspec-support (3.13.1)
    uri (0.13.1)

PLATFORMS
  arm64-darwin-23
  ruby

DEPENDENCIES
  rake (~> 13.0)
  rspec (~> 3.0)
  superset_client!

BUNDLED WITH
   2.5.16
